GIT
  remote: git://github.com/refinery/refinerycms.git
  revision: 46a3f3bf85f7d9e0614f27cc786d5a9a8d0da2b3
  branch: 2-0-stable
  specs:
    refinerycms (2.0.10)
      bundler (~> 1.0)
      refinerycms-authentication (= 2.0.10)
      refinerycms-core (= 2.0.10)
      refinerycms-dashboard (= 2.0.10)
      refinerycms-images (= 2.0.10)
      refinerycms-pages (= 2.0.10)
      refinerycms-resources (= 2.0.10)
    refinerycms-authentication (2.0.10)
      devise (~> 2.0.5)
      orm_adapter (~> 0.0.7)
      refinerycms-core (= 2.0.10)
    refinerycms-core (2.0.10)
      acts_as_indexed (~> 0.7.7)
      awesome_nested_set (~> 2.1.3)
      coffee-rails (~> 3.2.1)
      friendly_id (~> 4.0.9)
      globalize3 (~> 0.3.0)
      jquery-rails (~> 2.0.0)
      rails (>= 3.1.11, < 3.3, != 3.2.9, != 3.2.8, != 3.2.7, != 3.2.6, != 3.2.5, != 3.2.4, != 3.2.3, != 3.2.2, != 3.2.11, != 3.2.10, != 3.2.1, != 3.2.0)
      sass-rails (~> 3.2.3)
      truncate_html (~> 0.5.5)
      uglifier (>= 1.0.3)
      will_paginate (~> 3.0.2)
    refinerycms-dashboard (2.0.10)
      refinerycms-core (= 2.0.10)
    refinerycms-images (2.0.10)
      dragonfly (~> 0.9.8)
      rack-cache (>= 0.5.3)
      refinerycms-core (= 2.0.10)
    refinerycms-pages (2.0.10)
      awesome_nested_set (~> 2.1.3)
      babosa (!= 0.3.6)
      refinerycms-core (= 2.0.10)
      seo_meta (~> 1.3.0)
    refinerycms-resources (2.0.10)
      dragonfly (~> 0.9.8)
      rack-cache (>= 0.5.3)
      refinerycms-core (= 2.0.10)

GIT
  remote: git://github.com/seyhunak/twitter-bootstrap-rails.git
  revision: 9a0a31096ecee572638132d5ed94bc5500f74330
  specs:
    twitter-bootstrap-rails (2.2.7)
      actionpack (>= 3.1)
      execjs
      rails (>= 3.1)
      railties (>= 3.1)

PATH
  remote: vendor/extensions
  specs:
    refinerycms-carousel_images (1.0)
      refinerycms-core (~> 2.0.10)
    refinerycms-staff_members (1.0)
      refinerycms-core (~> 2.0.10)

GEM
  remote: https://rubygems.org/
  specs:
    actionmailer (3.2.13)
      actionpack (= 3.2.13)
      mail (~> 2.5.3)
    actionpack (3.2.13)
      activemodel (= 3.2.13)
      activesupport (= 3.2.13)
      builder (~> 3.0.0)
      erubis (~> 2.7.0)
      journey (~> 1.0.4)
      rack (~> 1.4.5)
      rack-cache (~> 1.2)
      rack-test (~> 0.6.1)
      sprockets (~> 2.2.1)
    activemodel (3.2.13)
      activesupport (= 3.2.13)
      builder (~> 3.0.0)
    activerecord (3.2.13)
      activemodel (= 3.2.13)
      activesupport (= 3.2.13)
      arel (~> 3.0.2)
      tzinfo (~> 0.3.29)
    activeresource (3.2.13)
      activemodel (= 3.2.13)
      activesupport (= 3.2.13)
    activesupport (3.2.13)
      i18n (= 0.6.1)
      multi_json (~> 1.0)
    acts_as_indexed (0.7.8)
    addressable (2.3.5)
    arel (3.0.2)
    awesome_nested_set (2.1.6)
      activerecord (>= 3.0.0)
    babosa (0.3.11)
    bcrypt-ruby (3.1.0)
    bcrypt-ruby (3.1.0-x86-mingw32)
    bootstrap-addons-rails (0.1.2)
      rails
    builder (3.0.4)
    coffee-rails (3.2.2)
      coffee-script (>= 2.2.0)
      railties (~> 3.2.0)
    coffee-script (2.2.0)
      coffee-script-source
      execjs
    coffee-script-source (1.6.3)
    devise (2.0.5)
      bcrypt-ruby (~> 3.0)
      orm_adapter (~> 0.0.3)
      railties (~> 3.1)
      warden (~> 1.1.1)
    domain_name (0.5.12)
      unf (>= 0.0.5, < 1.0.0)
    dragonfly (0.9.15)
      multi_json (~> 1.0)
      rack
    erubis (2.7.0)
    excon (0.25.3)
    execjs (1.4.0)
      multi_json (~> 1.0)
    filters_spam (0.3)
    fog (1.15.0)
      builder
      excon (~> 0.25.0)
      formatador (~> 0.2.0)
      mime-types
      multi_json (~> 1.0)
      net-scp (~> 1.1)
      net-ssh (>= 2.1.3)
      nokogiri (~> 1.5)
      ruby-hmac
    formatador (0.2.4)
    friendly_id (4.0.9)
    globalize3 (0.3.0)
      activemodel (>= 3.0.0)
      activerecord (>= 3.0.0)
      paper_trail (~> 2)
    heroku (2.39.4)
      heroku-api (~> 0.3.7)
      launchy (>= 0.3.2)
      netrc (~> 0.7.7)
      rest-client (~> 1.6.1)
      rubyzip
    heroku-api (0.3.14)
      excon (~> 0.25.1)
    hike (1.2.3)
    http-cookie (1.0.1)
      domain_name (~> 0.5)
    i18n (0.6.1)
    journey (1.0.4)
    jquery-rails (2.0.3)
      railties (>= 3.1.0, < 5.0)
      thor (~> 0.14)
    json (1.8.0)
    launchy (2.3.0)
      addressable (~> 2.3)
    mail (2.5.4)
      mime-types (~> 1.16)
      treetop (~> 1.4.8)
    mechanize (2.7.1)
      domain_name (~> 0.5, >= 0.5.1)
      http-cookie (~> 1.0.0)
      mime-types (~> 1.17, >= 1.17.2)
      net-http-digest_auth (~> 1.1, >= 1.1.1)
      net-http-persistent (~> 2.5, >= 2.5.2)
      nokogiri (~> 1.4)
      ntlm-http (~> 0.1, >= 0.1.1)
      webrobots (>= 0.0.9, < 0.2)
    mime-types (1.23)
    mini_portile (0.5.1)
    multi_json (1.7.7)
    net-http-digest_auth (1.4)
    net-http-persistent (2.9)
    net-scp (1.1.2)
      net-ssh (>= 2.6.5)
    net-ssh (2.7.0)
    netrc (0.7.7)
    nokogiri (1.6.0)
      mini_portile (~> 0.5.0)
    nokogiri (1.6.0-x86-mingw32)
      mini_portile (~> 0.5.0)
    ntlm-http (0.1.1)
    orm_adapter (0.0.7)
    paper_trail (2.7.2)
      activerecord (~> 3.0)
      railties (~> 3.0)
    pg (0.12.2)
    pg (0.12.2-x86-mingw32)
    polyglot (0.3.3)
    rack (1.4.5)
    rack-cache (1.2)
      rack (>= 0.4)
    rack-ssl (1.3.3)
      rack
    rack-test (0.6.2)
      rack (>= 1.0)
    rails (3.2.13)
      actionmailer (= 3.2.13)
      actionpack (= 3.2.13)
      activerecord (= 3.2.13)
      activeresource (= 3.2.13)
      activesupport (= 3.2.13)
      bundler (~> 1.0)
      railties (= 3.2.13)
    rails_bootstrap_navbar (0.1.5.beta)
      rails (>= 3.0.0)
    railties (3.2.13)
      actionpack (= 3.2.13)
      activesupport (= 3.2.13)
      rack-ssl (~> 1.3.2)
      rake (>= 0.8.7)
      rdoc (~> 3.4)
      thor (>= 0.14.6, < 2.0)
    rake (10.1.0)
    rdoc (3.12.2)
      json (~> 1.4)
    refinerycms-i18n (2.0.2)
      refinerycms-core (~> 2.0.0)
      routing-filter (>= 0.2.3)
    refinerycms-inquiries (2.0.3)
      filters_spam (~> 0.2)
      refinerycms-core (~> 2.0.1)
      refinerycms-settings (~> 2.0.1)
    refinerycms-page-images (2.0.1)
      refinerycms-pages (~> 2.0.0)
    refinerycms-settings (2.0.3)
      acts_as_indexed (~> 0.7.7)
      refinerycms-core (~> 2.0.10)
    rest-client (1.6.7)
      mime-types (>= 1.16)
    routing-filter (0.3.1)
      actionpack
    ruby-hmac (0.4.0)
    rubyzip (0.9.9)
    sass (3.2.9)
    sass-rails (3.2.6)
      railties (~> 3.2.0)
      sass (>= 3.1.10)
      tilt (~> 1.3)
    seo_meta (1.3.0)
      railties (>= 3.0.0)
    sequel (3.20.0)
    sinatra (1.0)
      rack (>= 1.0)
    sprockets (2.2.2)
      hike (~> 1.2)
      multi_json (~> 1.0)
      rack (~> 1.0)
      tilt (~> 1.1, != 1.3.0)
    sqlite3 (1.3.7)
    sqlite3 (1.3.7-x86-mingw32)
    taps (0.3.24)
      rack (>= 1.0.1)
      rest-client (>= 1.4.0, < 1.7.0)
      sequel (~> 3.20.0)
      sinatra (~> 1.0.0)
    thor (0.18.1)
    tilt (1.4.1)
    treetop (1.4.14)
      polyglot
      polyglot (>= 0.3.1)
    truncate_html (0.5.5)
    tzinfo (0.3.37)
    uglifier (2.1.1)
      execjs (>= 0.3.0)
      multi_json (~> 1.0, >= 1.0.2)
    unf (0.1.1)
      unf_ext
    unf_ext (0.0.6)
    unf_ext (0.0.6-x86-mingw32)
    warden (1.1.1)
      rack (>= 1.0)
    webrobots (0.1.1)
    will_paginate (3.0.4)

PLATFORMS
  ruby
  x86-mingw32

DEPENDENCIES
  bootstrap-addons-rails
  coffee-rails (~> 3.2.1)
  fog
  friendly_id
  heroku
  jquery-rails (~> 2.0.0)
  json
  mechanize
  nokogiri
  pg (= 0.12.2)
  rails (= 3.2.13)
  rails_bootstrap_navbar
  refinerycms (~> 2.0.0)!
  refinerycms-carousel_images!
  refinerycms-i18n (~> 2.0.0)
  refinerycms-inquiries (~> 2.0.0)
  refinerycms-page-images (~> 2.0.0)
  refinerycms-staff_members!
  sass-rails (~> 3.2.3)
  sqlite3
  taps
  twitter-bootstrap-rails!
  uglifier (>= 1.0.3)
  will_paginate (~> 3.0)
